GIT
  remote: https://github.com/cyu/rack-cors.git
  revision: 51f5c534d968d8ed89ae25f4aa4e93d16cc115f1
  ref: 51f5c534d968d8ed89ae25f4aa4e93d16cc115f1
  specs:
    rack-cors (1.0.2)

GEM
  remote: https://rubygems.org/
  specs:
    activesupport (4.2.10)
      i18n (~> 0.7)
      minitest (~> 5.1)
      thread_safe (~> 0.3, >= 0.3.4)
      tzinfo (~> 1.1)
    ast (2.4.0)
    concurrent-ruby (1.0.5)
    diff-lcs (1.3)
    docile (1.3.1)
    dotenv (2.5.0)
    ethon (0.11.0)
      ffi (>= 1.3.0)
    europeana-api (1.0.0)
      activesupport (>= 4.2, < 6.0)
      faraday (~> 0.9, < 0.12.2)
      faraday_middleware
      multi_json (~> 1.0)
      rack (> 1.6.2)
      typhoeus (~> 1.1)
    faraday (0.12.1)
      multipart-post (>= 1.2, < 3)
    faraday_middleware (0.12.2)
      faraday (>= 0.7.4, < 1.0)
    ffi (1.9.25)
    foreman (0.85.0)
      thor (~> 0.19.1)
    http_logger (0.5.1)
    i18n (0.9.5)
      concurrent-ruby (~> 1.0)
    jaro_winkler (1.5.1)
    json (2.1.0)
    mime-types (2.99.3)
    minitest (5.11.3)
    multi_json (1.13.1)
    multipart-post (2.0.0)
    mustermann (1.0.2)
    parallel (1.12.1)
    parser (2.5.1.2)
      ast (~> 2.4.0)
    powerpack (0.1.2)
    puma (3.12.0)
    rack (2.0.5)
    rack-protection (2.0.3)
      rack
    rack-proxy (0.6.4)
      rack
    rainbow (3.0.0)
    rake (10.5.0)
    rspec (3.7.0)
      rspec-core (~> 3.7.0)
      rspec-expectations (~> 3.7.0)
      rspec-mocks (~> 3.7.0)
    rspec-core (3.7.1)
      rspec-support (~> 3.7.0)
    rspec-expectations (3.7.0)
      diff-lcs (>= 1.2.0, < 2.0)
      rspec-support (~> 3.7.0)
    rspec-mocks (3.7.0)
      diff-lcs (>= 1.2.0, < 2.0)
      rspec-support (~> 3.7.0)
    rspec-support (3.7.1)
    rubocop (0.58.2)
      jaro_winkler (~> 1.5.1)
      parallel (~> 1.10)
      parser (>= 2.5, != 2.5.1.1)
      powerpack (~> 0.1)
      rainbow (>= 2.2.2, < 4.0)
      ruby-progressbar (~> 1.7)
      unicode-display_width (~> 1.0, >= 1.0.1)
    ruby-progressbar (1.9.0)
    simplecov (0.16.1)
      docile (~> 1.1)
      json (>= 1.8, < 3)
      simplecov-html (~> 0.10.0)
    simplecov-html (0.10.2)
    sinatra (2.0.3)
      mustermann (~> 1.0)
      rack (~> 2.0)
      rack-protection (= 2.0.3)
      tilt (~> 2.0)
    thor (0.19.4)
    thread_safe (0.3.6)
    tilt (2.0.8)
    typhoeus (1.3.0)
      ethon (>= 0.9.0)
    tzinfo (1.2.5)
      thread_safe (~> 0.1)
    unicode-display_width (1.4.0)

PLATFORMS
  ruby

DEPENDENCIES
  activesupport (~> 4.2.3)
  dotenv
  europeana-api (~> 1.0.0)
  foreman
  http_logger
  mime-types (~> 2.4)
  puma
  rack
  rack-cors!
  rack-proxy (~> 0.5)
  rake
  rspec (~> 3.2)
  rubocop (~> 0.53)
  simplecov
  sinatra

BUNDLED WITH
   1.16.2
